GEM
  remote: https://rubygems.org/
  specs:
    ethon (0.12.0)
      ffi (>= 1.3.0)
    ffi (1.11.1)
    mini_portile2 (2.4.0)
    nokogiri (1.10.10)
      mini_portile2 (~> 2.4.0)
    sitemap-parser (0.4.0)
      nokogiri (~> 1.6)
      typhoeus (~> 0.6)
    typhoeus (0.8.0)
      ethon (>= 0.8.0)

PLATFORMS
  ruby

DEPENDENCIES
  nokogiri
  sitemap-parser

BUNDLED WITH
   2.0.1
